GEM
  remote: https://rubygems.org/
  specs:
    jekyll-theme-persephone (0.3.3)

PLATFORMS
  x64-mingw-ucrt

DEPENDENCIES
  jekyll-theme-persephone

BUNDLED WITH
   2.4.19
